GEM
  remote: https://rubygems.org/
  specs:
    chronic (0.10.2)

PLATFORMS
  ruby

DEPENDENCIES
  chronic (~> 0.10.0)

BUNDLED WITH
   1.16.0
