GEM
  remote: https://rubygems.org/
  specs:
    nio4r (2.5.8)
    puma (4.3.9)
      nio4r (~> 2.0)
    rack (2.0.3)
    sequel (5.2.0)
    slim (3.0.8)
      temple (>= 0.7.6, < 0.9)
      tilt (>= 1.3.3, < 2.1)
    sqlite3 (1.3.13)
    temple (0.8.0)
    tilt (2.0.8)

PLATFORMS
  ruby

DEPENDENCIES
  puma
  rack
  sequel
  slim
  sqlite3

BUNDLED WITH
   1.15.4
