GEM
  remote: http://rubygems.org/
  specs:
    rack (2.1.4)

PLATFORMS
  ruby

DEPENDENCIES
  rack

RUBY VERSION
   ruby 2.3.1p112

BUNDLED WITH
   1.15.4
